GEM
  remote: https://rubygems.org/
  specs:
    childprocess (0.7.1)
      ffi (~> 1.0, >= 1.0.11)
    ffi (1.9.18-java)
    rubyzip (1.2.1)
    selenium-webdriver (3.5.1)
      childprocess (~> 0.5)
      rubyzip (~> 1.0)
    watir (6.7.1)
      selenium-webdriver (~> 3.4, >= 3.4.1)

PLATFORMS
  java

DEPENDENCIES
  watir (~> 6.0)

RUBY VERSION
   ruby 2.3.3p0 (jruby 9.1.12.0)

BUNDLED WITH
   1.15.3
